{
    "TaskName": "localizer",
    "Manufacturer": "KIT/Yokogawa",
    "PowerLineFrequency": 50.0,
    "SamplingFrequency": 1000.0,
    "SoftwareFilters": {
        "SpatialCompensation": {
            "GradientOrder": 0
        }
    },
    "RecordingDuration": 443.999,
    "RecordingType": "continuous",
    "DewarPosition": "n/a",
    "DigitizedLandmarks": true,
    "DigitizedHeadPoints": false,
    "MEGChannelCount": 207,
    "MEGREFChannelCount": 17,
    "ContinuousHeadLocalization": false,
    "HeadCoilFrequency": [],
    "EEGChannelCount": 0,
    "EOGChannelCount": 0,
    "ECGChannelCount": 0,
    "EMGChannelCount": 0,
    "MiscChannelCount": 32,
    "TriggerChannelCount": 0
}
